GEM
  remote: https://rubygems.org/
  specs:
    webrick (1.9.0)

PLATFORMS
  x86_64-linux

DEPENDENCIES
  webrick

RUBY VERSION
   ruby 3.3.5p100

BUNDLED WITH
   2.4.22
